GEM
  specs:
    haml (4.0.6)
      tilt
    tilt (1.4.1)

PLATFORMS
  ruby

DEPENDENCIES
  haml
